GIT
  remote: git://github.com/dldinternet/rubigen.git
  revision: cac7009c74533548f20baf5b63f75a4a09e67de4
  specs:
    rubigen (1.5.8)
      activesupport (>= 2.3.5, < 3.2.0)

PATH
  remote: .
  specs:
    newgem (1.5.3)
      i18n

GEM
  remote: https://rubygems.org/
  specs:
    activesupport (3.1.12)
      multi_json (~> 1.0)
    builder (3.2.2)
    cucumber (1.3.4)
      builder (>= 2.1.2)
      diff-lcs (>= 1.1.3)
      gherkin (~> 2.12.0)
      multi_json (~> 1.7.5)
      multi_test (~> 0.0.1)
    diff-lcs (1.2.4)
    gherkin (2.12.0)
      multi_json (~> 1.3)
    hoe (3.6.3)
      rake (>= 0.8, < 11.0)
    i18n (0.6.4)
    multi_json (1.7.7)
    multi_test (0.0.1)
    rake (10.1.0)

PLATFORMS
  ruby

DEPENDENCIES
  bundler (~> 1.3)
  cucumber
  hoe
  newgem!
  rake
  rubigen (~> 1.5.8)!
