GIT
  remote: git://github.com/dldinternet/rubigen.git
  revision: d793ac47008e8d46cd4a788a2ca8b6c3c8ab028f
  specs:
    rubigen (1.5.8)
      activesupport (>= 2.3.5, < 3.2.0)
      i18n
      launchy
      mocha (>= 0.9.8)

PATH
  remote: .
  specs:
    newgem (1.5.3)
      i18n
      rubyforge

GEM
  remote: https://rubygems.org/
  specs:
    activesupport (3.1.12)
      multi_json (~> 1.0)
    addressable (2.3.5)
    builder (3.2.2)
    cucumber (1.3.4)
      builder (>= 2.1.2)
      diff-lcs (>= 1.1.3)
      gherkin (~> 2.12.0)
      multi_json (~> 1.7.5)
      multi_test (~> 0.0.1)
    diff-lcs (1.2.4)
    gherkin (2.12.0)
      multi_json (~> 1.3)
    hoe (3.6.3)
      rake (>= 0.8, < 11.0)
    i18n (0.6.4)
    json_pure (1.8.0)
    launchy (2.3.0)
      addressable (~> 2.3)
    metaclass (0.0.1)
    mocha (0.14.0)
      metaclass (~> 0.0.1)
    multi_json (1.7.7)
    multi_test (0.0.1)
    rake (10.1.0)
    rubyforge (2.0.4)
      json_pure (>= 1.1.7)

PLATFORMS
  ruby

DEPENDENCIES
  bundler (~> 1.3)
  cucumber
  hoe
  newgem!
  rake
  rubigen (~> 1.5.8)!
