PATH
  remote: .
  specs:
    newgem (1.5.3)

GEM
  remote: https://rubygems.org/
  specs:
    rake (10.1.0)

PLATFORMS
  ruby

DEPENDENCIES
  bundler (~> 1.3)
  newgem!
  rake
